GEM
  remote: http://rubygems.org/
  specs:
    activemodel (3.2.5)
      activesupport (= 3.2.5)
      builder (~> 3.0.0)
    activerecord (3.2.5)
      activemodel (= 3.2.5)
      activesupport (= 3.2.5)
      arel (~> 3.0.2)
      tzinfo (~> 0.3.29)
    activesupport (3.2.5)
      i18n (~> 0.6)
      multi_json (~> 1.0)
    arel (3.0.2)
    builder (3.0.0)
    haml (3.1.6)
    i18n (0.6.0)
    multi_json (1.3.6)
    rack (1.2.5)
    rack-flash (0.1.2)
      rack
    sinatra (1.2.8)
      rack (~> 1.1)
      tilt (>= 1.2.2, < 2.0)
    sinatra-activerecord (1.1.0)
      activerecord (~> 3.0)
      sinatra (~> 1.0)
    sinatra-content-for (0.1)
      sinatra
    sqlite3-ruby (1.2.5)
    tilt (1.3.3)
    tzinfo (0.3.33)

PLATFORMS
  ruby

DEPENDENCIES
  activerecord
  arel
  haml
  rack (~> 1.2.1)
  rack-flash
  sinatra
  sinatra-activerecord
  sinatra-content-for (~> 0.1)
  sqlite3-ruby (= 1.2.5)
