GEM
  remote: http://rubygems.org/
  specs:
    arel (3.0.2)
    haml (3.1.6)
    rack (1.2.5)
    rack-flash (0.1.2)
      rack
    sinatra (1.2.8)
      rack (~> 1.1)
      tilt (>= 1.2.2, < 2.0)
    sinatra-content-for (0.1)
      sinatra
    tilt (1.3.3)

PLATFORMS
  ruby

DEPENDENCIES
  arel
  haml
  rack (~> 1.2.1)
  rack-flash
  sinatra
  sinatra-content-for (~> 0.1)
